GEM
  remote: https://rubygems.org/
  specs:
    google-protobuf (3.21.2)
    google-protobuf (3.21.2-x86_64-darwin)
    google-protobuf (3.21.2-x86_64-linux)
    googleapis-common-protos-types (1.3.2)
      google-protobuf (~> 3.14)
    grpc (1.43.1)
      google-protobuf (~> 3.18)
      googleapis-common-protos-types (~> 1.0)

PLATFORMS
  arm64-darwin-21
  x86_64-darwin-21
  x86_64-linux

DEPENDENCIES
  grpc

BUNDLED WITH
   2.3.19
